GEM
  remote: https://rubygems.org/
  specs:
    clicksign (0.1.2)
      rest-client
    coffee-script (2.3.0)
      coffee-script-source
      execjs
    coffee-script-source (1.9.1.1)
    execjs (2.5.2)
    haml (4.0.6)
      tilt
    libv8 (3.16.14.11)
    mime-types (2.6.1)
    netrc (0.10.3)
    rack (1.6.4)
    rack-protection (1.5.3)
      rack
    ref (1.0.5)
    rest-client (1.7.3)
      mime-types (>= 1.16, < 3.0)
      netrc (~> 0.7)
    sinatra (1.4.6)
      rack (~> 1.4)
      rack-protection (~> 1.4)
      tilt (>= 1.3, < 3)
    therubyracer (0.12.2)
      libv8 (~> 3.16.14.0)
      ref
    tilt (2.0.1)

PLATFORMS
  ruby

DEPENDENCIES
  clicksign
  coffee-script (~> 2.3.0)
  haml (~> 4.0.5)
  libv8 (~> 3.16)
  rest-client (~> 1.7.2)
  sinatra (~> 1.4.5)
  therubyracer (~> 0.12)

BUNDLED WITH
   1.10.5
